GEM
  remote: https://rubygems.org/
  specs:
    RubySunrise (0.3)
      tzinfo
    coderay (1.1.0)
    diff-lcs (1.2.5)
    hexdump (0.2.3)
    method_source (0.8.2)
    multi_json (1.8.2)
    pry (0.9.12.3)
      coderay (~> 1.0)
      method_source (~> 0.8)
      slop (~> 3.4)
    redis (3.2.1)
    rspec (2.14.1)
      rspec-core (~> 2.14.0)
      rspec-expectations (~> 2.14.0)
      rspec-mocks (~> 2.14.0)
    rspec-core (2.14.7)
    rspec-expectations (2.14.4)
      diff-lcs (>= 1.1.3, < 2.0)
    rspec-mocks (2.14.4)
    simplecov (0.7.1)
      multi_json (~> 1.0)
      simplecov-html (~> 0.7.1)
    simplecov-html (0.7.1)
    slop (3.4.7)
    tzinfo (0.3.61)

PLATFORMS
  ruby

DEPENDENCIES
  RubySunrise (~> 0.3)
  hexdump
  pry
  redis (~> 3.2.1)
  rspec
  simplecov
  tzinfo

BUNDLED WITH
   1.12.5
